GEM
  remote: https://rubygems.org/
  specs:
    jruby-jars (9.4.7.0)
    jruby-rack (1.2.0)
    rake (13.2.1)
    rubyzip (1.3.0)
    warbler (2.0.5)
      jruby-jars (>= 9.0.0.0)
      jruby-rack (>= 1.1.1, < 1.3)
      rake (>= 10.1.0)
      rubyzip (~> 1.0, < 1.4)

PLATFORMS
  java
  ruby

DEPENDENCIES
  warbler

BUNDLED WITH
   1.16.1
